GEM
  remote: https://rubygems.org/
  specs:
    bcrypt (3.1.7)
    bcrypt-ruby (3.1.5)
      bcrypt (>= 3.1.3)
    jsmin (1.0.1)
    mini_portile (0.5.3)
    nokogiri (1.6.1)
      mini_portile (~> 0.5.0)
    rack (1.5.2)
    rack-protection (1.5.2)
      rack
    rack-test (0.6.2)
      rack (>= 1.0)
    rake (10.2.2)
    sequel (4.7.0)
    sequel_secure_password (0.2.4)
      bcrypt-ruby (>= 3.1, < 4.0)
      sequel (>= 4.1.0, < 5.0)
    sinatra (1.4.4)
      rack (~> 1.4)
      rack-protection (~> 1.4)
      tilt (~> 1.3, >= 1.3.4)
    sinatra-assetpack (0.3.2)
      jsmin
      rack-test
      sinatra
      tilt (>= 1.3.0, < 2.0)
    sqlite3 (1.3.8)
    tilt (1.4.1)

PLATFORMS
  ruby

DEPENDENCIES
  nokogiri
  rake
  sequel
  sequel_secure_password
  sinatra
  sinatra-assetpack
  sqlite3
